RESTRICTION: >= net40
NUGET
  remote: https://api.nuget.org/v3/index.json
    FAKE (4.63.2)
    FsCheck (2.10.3)
      FSharp.Core (>= 4.1) - restriction: && (>= net40) (< netstandard1.6)
      FSharp.Core (>= 4.1.18) - restriction: && (>= net40) (>= netstandard1.6)
      NETStandard.Library (>= 1.6.1) - restriction: && (>= net40) (>= netstandard1.6)
    FSharp.Compiler.Service (16.0.2)
      System.Collections.Immutable (>= 1.3.1) - restriction: >= net45
      System.Reflection.Metadata (>= 1.4.2) - restriction: >= net45
    FSharp.Core (4.2.3)
    FsUnit (3.0) - restriction: >= net45
      FSharp.Core (>= 3.1.2.5) - restriction: && (>= net40) (< netstandard1.6)
      FSharp.Core (>= 4.1) - restriction: && (>= net40) (>= netstandard1.6)
      NETStandard.Library (>= 1.6) - restriction: && (>= net40) (>= netstandard1.6)
      NUnit (>= 3.6)
    Microsoft.NETCore.Platforms (2.0) - restriction: || (&& (>= monoandroid) (>= net45) (< netstandard1.0)) (&& (>= monotouch) (>= net40)) (&& (>= monotouch) (>= net45)) (&& (>= net40) (< net45) (< netstandard1.3) (>= netstandard1.6)) (&& (>= net40) (< net45) (< netstandard1.4) (>= netstandard1.6)) (&& (>= net40) (< net45) (< netstandard1.5) (>= netstandard1.6)) (&& (>= net40) (< net45) (>= netstandard1.6) (< netstandard2.0)) (&& (>= net40) (< net45) (>= netstandard1.6) (< portable-net451+win81+wpa81)) (&& (>= net40) (< net45) (>= netstandard2.0)) (&& (>= net40) (>= netcoreapp2.0)) (&& (>= net40) (< netstandard1.0) (>= netstandard1.6)) (&& (>= net40) (< netstandard1.3) (>= netstandard1.6) (>= wpa81)) (&& (>= net40) (>= netstandard1.6) (< portable-net45+win8+wpa81)) (&& (>= net40) (>= netstandard1.6) (>= uap10.0)) (&& (>= net40) (>= xamarinios)) (&& (>= net40) (>= xamarinmac)) (&& (>= net40) (>= xamarintvos)) (&& (>= net40) (>= xamarinwatchos)) (&& (>= net45) (>= netcoreapp2.0)) (&& (>= net45) (< netstandard1.0) (>= netstandard1.6)) (&& (>= net45) (< netstandard1.0) (>= portable-net451+win81+wpa81)) (&& (>= net45) (< netstandard1.3) (>= wpa81)) (&& (>= net45) (< portable-net45+win8+wpa81)) (&& (>= net45) (< portable-net451+win81+wpa81)) (&& (>= net45) (>= uap10.0)) (&& (>= net45) (>= xamarinios)) (&& (>= net45) (>= xamarinmac)) (&& (>= net45) (>= xamarintvos)) (&& (>= net45) (>= xamarinwatchos)) (&& (>= net451) (< netstandard1.3)) (&& (>= net46) (< netstandard1.4)) (&& (>= net461) (>= netstandard1.6)) (&& (>= net461) (< netstandard2.0))
    NETStandard.Library (2.0.1) - restriction: || (&& (>= net40) (>= netstandard1.6)) (&& (>= net45) (>= netstandard1.6)) (&& (>= net45) (< netstandard2.0))
      Microsoft.NETCore.Platforms (>= 1.1) - restriction: || (&& (>= monoandroid) (>= net40) (< netstandard1.0)) (&& (>= monotouch) (>= net40)) (&& (>= net40) (< net45) (>= netstandard1.1) (< portable-net451+win81+wpa81)) (&& (>= net40) (< net45) (>= netstandard1.2) (< netstandard1.3)) (&& (>= net40) (< net45) (>= netstandard1.3) (< netstandard1.4)) (&& (>= net40) (< net45) (>= netstandard1.4) (< netstandard1.5)) (&& (>= net40) (< net45) (>= netstandard1.5) (< netstandard1.6)) (&& (>= net40) (< net45) (>= netstandard1.6) (< netstandard2.0)) (&& (>= net40) (< net45) (>= netstandard2.0)) (&& (>= net40) (>= netcoreapp2.0)) (&& (>= net40) (>= netstandard1.0) (< portable-net45+win8+wpa81)) (&& (>= net40) (< netstandard1.0) (>= portable-net45+win8+wp8+wpa81) (< portable-net45+win8+wpa81)) (&& (>= net40) (< netstandard1.0) (>= portable-net45+win8+wpa81) (< portable-net451+win81+wpa81)) (&& (>= net40) (< netstandard1.0) (>= portable-net451+win81+wpa81)) (&& (>= net40) (< netstandard1.3) (>= wpa81)) (&& (>= net40) (>= uap10.0)) (&& (>= net40) (>= xamarinios)) (&& (>= net40) (>= xamarinmac)) (&& (>= net40) (>= xamarintvos)) (&& (>= net40) (>= xamarinwatchos)) (&& (>= net45) (< portable-net451+win81+wpa81)) (&& (>= net451) (< netstandard1.3)) (&& (>= net46) (< netstandard1.4)) (>= net461)
    Nuget.CommandLine (4.3)
    NUnit (3.8.1)
    NUnit.Console (3.7)
      NUnit.ConsoleRunner (>= 3.7)
      NUnit.Extension.NUnitProjectLoader (>= 3.5)
      NUnit.Extension.NUnitV2Driver (>= 3.6)
      NUnit.Extension.NUnitV2ResultWriter (>= 3.5)
      NUnit.Extension.TeamCityEventListener (>= 1.0.2)
      NUnit.Extension.VSProjectLoader (>= 3.5)
    NUnit.ConsoleRunner (3.7)
    NUnit.Extension.NUnitProjectLoader (3.6)
    NUnit.Extension.NUnitV2Driver (3.7)
    NUnit.Extension.NUnitV2ResultWriter (3.6)
    NUnit.Extension.TeamCityEventListener (1.0.2)
    NUnit.Extension.VSProjectLoader (3.6)
    System.Collections.Immutable (1.4) - restriction: >= net45
      NETStandard.Library (>= 1.6.1) - restriction: && (>= net40) (>= netstandard1.0) (< netstandard2.0)
    System.Reflection.Metadata (1.5) - restriction: >= net45
      NETStandard.Library (>= 1.6.1) - restriction: && (>= net40) (>= netstandard1.1) (< netstandard2.0)
      System.Collections.Immutable (>= 1.4) - restriction: || (&& (>= monoandroid) (>= net40) (< netstandard1.1)) (&& (>= monotouch) (>= net40)) (&& (>= net40) (>= netstandard1.1) (< netstandard2.0)) (&& (>= net40) (< netstandard1.1) (>= portable-net45+win8)) (&& (>= net40) (>= netstandard2.0)) (&& (>= net40) (< portable-net45+win8) (>= portable-net45+win8+wpa81)) (&& (>= net40) (>= xamarinios)) (&& (>= net40) (>= xamarinmac)) (&& (>= net40) (>= xamarintvos)) (&& (>= net40) (>= xamarinwatchos))
